GEM
  remote: https://rubygems.org/
  specs:
    cuba (3.5.0)
      rack (~> 1.6.0)
    cuba-haml (1.0)
      cuba
      haml
    cuba-sass (1.0.0)
      cuba (~> 3.3)
      sass (~> 3.4)
    dotenv (2.1.0)
    haml (4.0.7)
      tilt
    httparty (0.13.7)
      json (~> 1.8)
      multi_xml (>= 0.5.2)
    json (1.8.3)
    multi_xml (0.5.5)
    rack (1.6.4)
    sass (3.4.21)
    tilt (2.0.2)

PLATFORMS
  ruby

DEPENDENCIES
  cuba
  cuba-haml
  cuba-sass
  dotenv
  httparty
  json

BUNDLED WITH
   1.10.6
